GEM
  remote: https://rubygems.org/
  specs:
    backports (3.12.0)
    builder (3.2.3)
    byebug (11.0.0)
    cucumber (3.1.2)
      builder (>= 2.1.2)
      cucumber-core (~> 3.2.0)
      cucumber-expressions (~> 6.0.1)
      cucumber-wire (~> 0.0.1)
      diff-lcs (~> 1.3)
      gherkin (~> 5.1.0)
      multi_json (>= 1.7.5, < 2.0)
      multi_test (>= 0.1.2)
    cucumber-core (3.2.1)
      backports (>= 3.8.0)
      cucumber-tag_expressions (~> 1.1.0)
      gherkin (~> 5.0)
    cucumber-expressions (6.0.1)
    cucumber-tag_expressions (1.1.1)
    cucumber-wire (0.0.1)
    diff-lcs (1.3)
    duck_enforcer (1.0.0)
    flamegraph (0.9.5)
    gherkin (5.1.0)
    highline (2.0.1)
    matrix (0.4.2)
    multi_json (1.13.1)
    multi_test (0.1.2)
    options (2.3.2)
    progress_bar (1.3.0)
      highline (>= 1.6, < 3)
      options (~> 2.3.0)
    rspec (3.8.0)
      rspec-core (~> 3.8.0)
      rspec-expectations (~> 3.8.0)
      rspec-mocks (~> 3.8.0)
    rspec-core (3.8.0)
      rspec-support (~> 3.8.0)
    rspec-expectations (3.8.2)
      diff-lcs (>= 1.2.0, < 2.0)
      rspec-support (~> 3.8.0)
    rspec-mocks (3.8.0)
      diff-lcs (>= 1.2.0, < 2.0)
      rspec-support (~> 3.8.0)
    rspec-support (3.8.0)
    stackprof (0.2.12)

PLATFORMS
  ruby

DEPENDENCIES
  byebug (~> 11.0)
  cucumber (~> 3.1)
  duck_enforcer (~> 1.0)
  flamegraph (~> 0.9.5)
  matrix (~> 0.4.2)
  progress_bar (~> 1.3)
  rspec (~> 3.8)
  stackprof (~> 0.2.12)

BUNDLED WITH
   1.17.3
